GEM
  remote: http://rubygems.org/
  specs:
    cipango-jars (1.0.0)
    diff-lcs (1.1.2)
    hoe (2.9.1)
      rake (>= 0.8.7)
    jruby-jars (1.5.6)
    jruby-rack (1.0.6)
    rake (0.8.7)
    rcov (0.9.9)
    rcov (0.9.9-java)
    rdoc (3.5.3)
    rspec (1.3.1)
    rubyzip (0.9.4)

PLATFORMS
  java
  ruby

DEPENDENCIES
  cipango-jars
  diff-lcs
  hoe (>= 2.3.2)
  jruby-jars
  jruby-rack
  rake (>= 0.8.7)
  rcov (>= 0.9.8)
  rdoc
  rspec (~> 1.3)
  rubyzip
